GEM
  remote: http://rubygems.org/
  specs:
    ZenTest (4.8.3)
    actionmailer (3.1.7)
      actionpack (= 3.1.7)
      mail (~> 2.3.3)
    actionpack (3.1.7)
      activemodel (= 3.1.7)
      activesupport (= 3.1.7)
      builder (~> 3.0.0)
      erubis (~> 2.7.0)
      i18n (~> 0.6)
      rack (~> 1.3.6)
      rack-cache (~> 1.2)
      rack-mount (~> 0.8.2)
      rack-test (~> 0.6.1)
      sprockets (~> 2.0.4)
    activemodel (3.1.7)
      activesupport (= 3.1.7)
      builder (~> 3.0.0)
      i18n (~> 0.6)
    activerecord (3.1.7)
      activemodel (= 3.1.7)
      activesupport (= 3.1.7)
      arel (~> 2.2.3)
      tzinfo (~> 0.3.29)
    activeresource (3.1.7)
      activemodel (= 3.1.7)
      activesupport (= 3.1.7)
    activesupport (3.1.7)
      multi_json (>= 1.0, < 1.3)
    arel (2.2.3)
    autotest (4.4.6)
      ZenTest (>= 4.4.1)
    autotest-fsevent (0.2.4)
      sys-uname
    autotest-growl (0.2.16)
    autotest-rails-pure (4.1.2)
    bcrypt-ruby (3.0.1)
    builder (3.0.4)
    diff-lcs (1.1.3)
    erubis (2.7.0)
    factory_girl (2.6.4)
      activesupport (>= 2.3.9)
    factory_girl_rails (1.7.0)
      factory_girl (~> 2.6.0)
      railties (>= 3.0.0)
    ffi (1.3.1)
    hike (1.2.1)
    hpricot (0.8.6)
    i18n (0.6.1)
    json (1.7.6)
    mail (2.3.3)
      i18n (>= 0.4.0)
      mime-types (~> 1.16)
      treetop (~> 1.4.8)
    mime-types (1.19)
    mocha (0.9.8)
      rake
    multi_json (1.2.0)
    nifty-generators (0.4.6)
    nokogiri (1.5.6)
    pg (0.14.1)
    polyglot (0.3.3)
    rack (1.3.8)
    rack-cache (1.2)
      rack (>= 0.4)
    rack-mount (0.8.3)
      rack (>= 1.0.0)
    rack-ssl (1.3.2)
      rack
    rack-test (0.6.2)
      rack (>= 1.0)
    rails (3.1.7)
      actionmailer (= 3.1.7)
      actionpack (= 3.1.7)
      activerecord (= 3.1.7)
      activeresource (= 3.1.7)
      activesupport (= 3.1.7)
      bundler (~> 1.0)
      railties (= 3.1.7)
    railties (3.1.7)
      actionpack (= 3.1.7)
      activesupport (= 3.1.7)
      rack-ssl (~> 1.3.2)
      rake (>= 0.8.7)
      rdoc (~> 3.4)
      thor (~> 0.14.6)
    rake (10.0.3)
    rdoc (3.12)
      json (~> 1.4)
    rspec-core (2.12.2)
    rspec-expectations (2.12.1)
      diff-lcs (~> 1.1.3)
    rspec-mocks (2.12.1)
    rspec-rails (2.12.1)
      actionpack (>= 3.0)
      activesupport (>= 3.0)
      railties (>= 3.0)
      rspec-core (~> 2.12.0)
      rspec-expectations (~> 2.12.0)
      rspec-mocks (~> 2.12.0)
    sprockets (2.0.4)
      hike (~> 1.2)
      rack (~> 1.0)
      tilt (~> 1.1, != 1.3.0)
    sys-uname (0.9.1)
      ffi (>= 1.0.0)
    thor (0.14.6)
    tilt (1.3.3)
    treetop (1.4.12)
      polyglot
      polyglot (>= 0.3.1)
    tzinfo (0.3.35)
    webrat (0.7.1)
      nokogiri (>= 1.2.0)
      rack (>= 1.0)
      rack-test (>= 0.5.3)
    will_paginate (3.0.pre2)

PLATFORMS
  ruby

DEPENDENCIES
  autotest (= 4.4.6)
  autotest-fsevent (= 0.2.4)
  autotest-growl (= 0.2.16)
  autotest-rails-pure (= 4.1.2)
  bcrypt-ruby
  factory_girl_rails (~> 1.2)
  hpricot
  mocha (= 0.9.8)
  nifty-generators
  pg
  rails (= 3.1.7)
  rspec-rails
  webrat (= 0.7.1)
  will_paginate (= 3.0.pre2)
